GEM
  remote: http://rubygems.org/
  specs:
    activemodel (3.2.1)
      activesupport (= 3.2.1)
      builder (~> 3.0.0)
    activerecord (3.2.1)
      activemodel (= 3.2.1)
      activesupport (= 3.2.1)
      arel (~> 3.0.0)
      tzinfo (~> 0.3.29)
    activesupport (3.2.1)
      i18n (~> 0.6)
      multi_json (~> 1.0)
    arel (3.0.0)
    builder (3.0.0)
    coderay (1.0.5)
    diff-lcs (1.1.2)
    ffi (1.0.11)
    guard (1.0.0)
      ffi (>= 0.5.0)
      thor (~> 0.14.6)
    guard-rspec (0.6.0)
      guard (>= 0.10.0)
    i18n (0.6.0)
    method_source (0.7.0)
    multi_json (1.0.4)
    pry (0.9.8.2)
      coderay (~> 1.0.5)
      method_source (~> 0.7)
      slop (>= 2.4.4, < 3)
    pry-doc (0.4.0)
      pry (>= 0.9.0)
      yard (~> 0.7.4)
    rake (0.9.2.2)
    rspec (2.3.0)
      rspec-core (~> 2.3.0)
      rspec-expectations (~> 2.3.0)
      rspec-mocks (~> 2.3.0)
    rspec-core (2.3.1)
    rspec-expectations (2.3.0)
      diff-lcs (~> 1.1.2)
    rspec-mocks (2.3.0)
    slop (2.4.4)
    sqlite3 (1.3.5)
    thor (0.14.6)
    tzinfo (0.3.31)
    yard (0.7.5)

PLATFORMS
  ruby

DEPENDENCIES
  activerecord
  guard-rspec
  pry
  pry-doc
  rake
  rspec
  sqlite3
